GEM
  remote: https://rubygems.org/
  specs:
    adsf (1.1.1)
      rack (>= 1.0.0)
    builder (3.2.2)
    chunky_png (1.2.9)
    colored (1.2)
    compass (0.12.2)
      chunky_png (~> 1.2)
      fssm (>= 0.2.7)
      sass (~> 3.1)
    cri (2.4.0)
      colored (>= 1.2)
    execjs (2.0.2)
    fssm (0.2.10)
    haml (4.0.4)
      tilt
    json (1.8.1)
    nanoc (3.6.6)
      cri (~> 2.3)
    rack (1.5.2)
    sass (3.2.12)
    systemu (2.5.2)
    tilt (1.4.1)
    uglifier (2.3.1)
      execjs (>= 0.3.0)
      json (>= 1.8.0)

PLATFORMS
  ruby

DEPENDENCIES
  adsf
  builder
  compass
  haml
  nanoc
  systemu
  uglifier
